GEM
  remote: http://rubygems.org/
  specs:
    rack (1.2.1)
    rake (0.8.7)
    sinatra (1.1.2)
      rack (~> 1.1)
      tilt (~> 1.2)
    tilt (1.2.1)

PLATFORMS
  ruby

DEPENDENCIES
  rake
  sinatra
